GEM
  remote: https://rubygems.org/
  specs:
    haml (4.0.7)
      tilt
    mysql2 (0.4.4)
    mysql2-cs-bind (0.0.6)
      mysql2
    rack (1.6.4)
    rack-protection (1.5.3)
      rack
    sinatra (1.4.7)
      rack (~> 1.5)
      rack-protection (~> 1.4)
      tilt (>= 1.3, < 3)
    tilt (2.0.5)

PLATFORMS
  ruby

DEPENDENCIES
  haml
  mysql2
  mysql2-cs-bind
  sinatra

BUNDLED WITH
   1.12.5
